GEM
  remote: http://rubygems.org/
  specs:
    activemodel (4.0.12)
      activesupport (= 4.0.12)
      builder (~> 3.1.0)
    activesupport (4.0.12)
      i18n (~> 0.6, >= 0.6.9)
      minitest (~> 4.2)
      multi_json (~> 1.3)
      thread_safe (~> 0.1)
      tzinfo (~> 0.3.37)
    builder (3.1.4)
    diff-lcs (1.2.5)
    git (1.2.5)
    i18n (0.7.0)
    jeweler (1.8.4)
      bundler (~> 1.0)
      git (>= 1.2.5)
      rake
      rdoc
    json (1.7.7)
    json (1.7.7-java)
    minitest (4.6.1)
    multi_json (1.10.1)
    rake (10.0.3)
    rdoc (3.12.1)
      json (~> 1.4)
    rspec (3.1.0)
      rspec-core (~> 3.1.0)
      rspec-expectations (~> 3.1.0)
      rspec-mocks (~> 3.1.0)
    rspec-core (3.1.7)
      rspec-support (~> 3.1.0)
    rspec-expectations (3.1.2)
      diff-lcs (>= 1.2.0, < 2.0)
      rspec-support (~> 3.1.0)
    rspec-mocks (3.1.3)
      rspec-support (~> 3.1.0)
    rspec-support (3.1.2)
    symbolize (4.5.2)
      activemodel (>= 3.2, < 5)
      activesupport (>= 3.2, < 5)
      i18n
    thread_safe (0.3.4)
    thread_safe (0.3.4-java)
    tzinfo (0.3.42)

PLATFORMS
  java
  ruby

DEPENDENCIES
  bundler
  jeweler (~> 1.8.4)
  minitest
  rdoc (~> 3.12)
  rspec
  symbolize
